PATH
  remote: .
  specs:
    hoosegow (1.2.5)
      docker-api (~> 1.19)
      msgpack (~> 1.0.0)
      yajl-ruby (~> 1.1, >= 1.1.0)

GEM
  remote: https://rubygems.org/
  specs:
    diff-lcs (1.2.5)
    docker-api (1.33.2)
      excon (>= 0.38.0)
      json
    excon (0.55.0)
    json (2.0.3)
    msgpack (1.0.3)
    rake (11.2.2)
    rspec (2.99.0)
      rspec-core (~> 2.99.0)
      rspec-expectations (~> 2.99.0)
      rspec-mocks (~> 2.99.0)
    rspec-core (2.99.2)
    rspec-expectations (2.99.2)
      diff-lcs (>= 1.1.3, < 2.0)
    rspec-mocks (2.99.4)
    yajl-ruby (1.3.0)

PLATFORMS
  ruby

DEPENDENCIES
  hoosegow!
  rake
  rspec (~> 2.14, >= 2.14.1)

BUNDLED WITH
   1.14.6
